GEM
  remote: https://rubygems.org/
  specs:
    addressable (2.5.0)
      public_suffix (~> 2.0, >= 2.0.2)
    archive-tar-minitar (0.5.2)
    arr-pm (0.0.10)
      cabin (> 0)
    ast (2.3.0)
    backports (3.6.8)
    berkshelf (5.2.0)
      addressable (~> 2.3, >= 2.3.4)
      berkshelf-api-client (>= 2.0.2, < 4.0)
      buff-config (~> 2.0)
      buff-extensions (~> 2.0)
      buff-shell_out (~> 1.0)
      cleanroom (~> 1.0)
      faraday (~> 0.9)
      httpclient (~> 2.7)
      minitar (~> 0.5, >= 0.5.4)
      mixlib-archive (~> 0.1)
      octokit (~> 4.0)
      retryable (~> 2.0)
      ridley (~> 5.0)
      solve (> 2.0, < 4.0)
      thor (~> 0.19)
    berkshelf-api-client (3.0.0)
      faraday (~> 0.9)
      httpclient (~> 2.7)
      ridley (>= 4.5, < 6.0)
    buff-config (2.0.0)
      buff-extensions (~> 2.0)
      varia_model (~> 0.6)
    buff-extensions (2.0.0)
    buff-ignore (1.2.0)
    buff-ruby_engine (1.0.0)
    buff-shell_out (1.1.0)
      buff-ruby_engine (~> 1.0)
    cabin (0.9.0)
    celluloid (0.16.0)
      timers (~> 4.0.0)
    celluloid-io (0.16.2)
      celluloid (>= 0.16.0)
      nio4r (>= 1.1.0)
    chef-config (12.17.44)
      addressable
      fuzzyurl
      mixlib-config (~> 2.0)
      mixlib-shellout (~> 2.0)
    childprocess (0.5.9)
      ffi (~> 1.0, >= 1.0.11)
    clamp (1.0.1)
    cleanroom (1.0.0)
    diff-lcs (1.2.5)
    domain_name (0.5.20161129)
      unf (>= 0.0.5, < 1.0.0)
    dotenv (2.1.1)
    erubis (2.7.0)
    faraday (0.9.2)
      multipart-post (>= 1.2, < 3)
    ffi (1.9.14)
    fpm (1.8.0)
      archive-tar-minitar
      arr-pm (~> 0.0.10)
      backports (>= 2.6.2)
      cabin (>= 0.6.0)
      childprocess
      clamp (~> 1.0.0)
      ffi
      json (>= 1.7.7, < 2.0)
      pleaserun (~> 0.0.24)
      ruby-xz
    fuzzyurl (0.9.0)
    hashie (3.5.5)
    hitimes (1.2.4)
    http-cookie (1.0.3)
      domain_name (~> 0.5)
    httpclient (2.8.3)
    insist (1.0.0)
    io-like (0.3.0)
    json (1.8.3)
    mime-types (3.1)
      mime-types-data (~> 3.2015)
    mime-types-data (3.2016.0521)
    minitar (0.5.4)
    mixlib-archive (0.3.0)
      mixlib-log
    mixlib-authentication (1.4.1)
      mixlib-log
    mixlib-config (2.2.4)
    mixlib-log (1.7.1)
    mixlib-shellout (2.2.7)
    molinillo (0.5.5)
    multipart-post (2.0.0)
    mustache (0.99.8)
    netrc (0.11.0)
    nio4r (2.0.0)
    octokit (4.6.2)
      sawyer (~> 0.8.0, >= 0.5.3)
    parser (2.3.3.1)
      ast (~> 2.2)
    pleaserun (0.0.27)
      cabin (> 0)
      clamp
      dotenv
      insist
      mustache (= 0.99.8)
      stud
    powerpack (0.1.1)
    public_suffix (2.0.5)
    rainbow (2.1.0)
    rest-client (2.0.0)
      http-cookie (>= 1.0.2, < 2.0)
      mime-types (>= 1.16, < 4.0)
      netrc (~> 0.8)
    retryable (2.0.4)
    ridley (5.1.0)
      addressable
      buff-config (~> 2.0)
      buff-extensions (~> 2.0)
      buff-ignore (~> 1.2)
      buff-shell_out (~> 1.0)
      celluloid (~> 0.16.0)
      celluloid-io (~> 0.16.1)
      chef-config (>= 12.5.0)
      erubis
      faraday (~> 0.9.0)
      hashie (>= 2.0.2, < 4.0.0)
      httpclient (~> 2.7)
      json (>= 1.7.7)
      mixlib-authentication (>= 1.3.0)
      retryable (~> 2.0)
      semverse (~> 2.0)
      varia_model (~> 0.6)
    rspec (3.5.0)
      rspec-core (~> 3.5.0)
      rspec-expectations (~> 3.5.0)
      rspec-mocks (~> 3.5.0)
    rspec-core (3.5.4)
      rspec-support (~> 3.5.0)
    rspec-expectations (3.5.0)
      diff-lcs (>= 1.2.0, < 2.0)
      rspec-support (~> 3.5.0)
    rspec-mocks (3.5.0)
      diff-lcs (>= 1.2.0, < 2.0)
      rspec-support (~> 3.5.0)
    rspec-support (3.5.0)
    rubocop (0.46.0)
      parser (>= 2.3.1.1, < 3.0)
      powerpack (~> 0.1)
      rainbow (>= 1.99.1, < 3.0)
      ruby-progressbar (~> 1.7)
      unicode-display_width (~> 1.0, >= 1.0.1)
    ruby-progressbar (1.8.1)
    ruby-xz (0.2.3)
      ffi (~> 1.9)
      io-like (~> 0.3)
    sawyer (0.8.1)
      addressable (>= 2.3.5, < 2.6)
      faraday (~> 0.8, < 1.0)
    semverse (2.0.0)
    solve (3.1.0)
      molinillo (>= 0.5)
      semverse (>= 1.1, < 3.0)
    stud (0.0.22)
    thor (0.19.4)
    timers (4.0.4)
      hitimes
    unf (0.1.4)
      unf_ext
    unf_ext (0.0.7.2)
    unicode-display_width (1.1.2)
    varia_model (0.6.0)
      buff-extensions (~> 2.0)
      hashie (>= 2.0.2, < 4.0.0)

PLATFORMS
  ruby

DEPENDENCIES
  berkshelf
  fpm
  rest-client
  rspec
  rubocop

BUNDLED WITH
   1.14.6
